PATH
  remote: .
  specs:
    climate (0.0.1)

PATH
  remote: ~/workspace/configatron-plus
  specs:
    configatron-plus (0.1.0)

GEM
  remote: http://rubygems.org/
  specs:
    configatron (2.8.2)
      yamler (>= 0.1.0)
    diff-lcs (1.1.2)
    ffi (1.0.9)
    git (1.2.5)
    guard (0.5.1)
      thor (~> 0.14.6)
    guard-bundler (0.1.3)
      bundler (>= 1.0.0)
      guard (>= 0.2.2)
    guard-shell (0.1.1)
      guard (>= 0.2.0)
    jeweler (1.6.4)
      bundler (~> 1.0)
      git (>= 1.2.5)
      rake
    libnotify (0.5.7)
    rake (0.9.2)
    rb-inotify (0.8.5)
      ffi (>= 0.5.0)
    rcov (0.9.9)
    rdoc (3.8)
    rspec (2.3.0)
      rspec-core (~> 2.3.0)
      rspec-expectations (~> 2.3.0)
      rspec-mocks (~> 2.3.0)
    rspec-core (2.3.1)
    rspec-expectations (2.3.0)
      diff-lcs (~> 1.1.2)
    rspec-mocks (2.3.0)
    thor (0.14.6)
    yamler (0.1.0)

PLATFORMS
  ruby

DEPENDENCIES
  bundler (~> 1.0.0)
  climate (= 0.0.1)!
  configatron
  configatron-plus (= 0.1.0)!
  guard
  guard-bundler
  guard-shell
  jeweler (~> 1.6.4)
  libnotify
  rb-inotify
  rcov
  rdoc (~> 3.8)
  rspec (~> 2.3.0)
  thor (~> 0.14.6)
